GEM
  remote: https://rubygems.org/
  specs:
    minitest (5.11.3)
    rack (1.6.8)
    rack-protection (1.5.4)
      rack
    rack-test (0.7.0)
      rack (>= 1.0, < 3)
    sinatra (1.4.8)
      rack (~> 1.5)
      rack-protection (~> 1.4)
      tilt (>= 1.3, < 3)
    tilt (2.0.8)

PLATFORMS
  ruby

DEPENDENCIES
  minitest
  rack-test
  sinatra

RUBY VERSION
   ruby 2.2.0p0

BUNDLED WITH
   1.16.0
